PATH
  remote: .
  specs:
    jekyll-s3 (3.1.2)
      aws-sdk (~> 1.8.5)
      configure-s3-website (~> 1)
      erubis (~> 2.7.0)
      filey-diff (~> 1)
      mime-types (= 1.19)
      simple-cloudfront-invalidator (~> 1)

GEM
  remote: http://rubygems.org/
  specs:
    addressable (2.3.4)
    aruba (0.5.3)
      childprocess (>= 0.3.6)
      cucumber (>= 1.1.1)
      rspec-expectations (>= 2.7.0)
    aws-sdk (1.8.5)
      json (~> 1.4)
      nokogiri (>= 1.4.4)
      uuidtools (~> 2.1)
    builder (3.2.2)
    childprocess (0.3.9)
      ffi (~> 1.0, >= 1.0.11)
    colored (1.2)
    configure-s3-website (1.4.0)
      deep_merge (= 1.0.0)
    crack (0.4.0)
      safe_yaml (~> 0.9.0)
    cucumber (1.3.2)
      builder (>= 2.1.2)
      diff-lcs (>= 1.1.3)
      gherkin (~> 2.12.0)
      multi_json (~> 1.3)
    deep_merge (1.0.0)
    diff-lcs (1.2.4)
    erubis (2.7.0)
    ffi (1.9.0)
    filey-diff (1.2.1)
    gherkin (2.12.0)
      multi_json (~> 1.3)
    json (1.8.0)
    mime-types (1.19)
    mini_portile (0.5.0)
    multi_json (1.7.7)
    nokogiri (1.6.0)
      mini_portile (~> 0.5.0)
    rake (10.1.0)
    rspec (2.13.0)
      rspec-core (~> 2.13.0)
      rspec-expectations (~> 2.13.0)
      rspec-mocks (~> 2.13.0)
    rspec-core (2.13.1)
    rspec-expectations (2.13.0)
      diff-lcs (>= 1.1.3, < 2.0)
    rspec-mocks (2.13.1)
    safe_yaml (0.9.3)
    simple-cloudfront-invalidator (1.0.0)
      colored (= 1.2)
    uuidtools (2.1.4)
    vcr (2.5.0)
    webmock (1.8.11)
      addressable (>= 2.2.7)
      crack (>= 0.1.7)

PLATFORMS
  ruby

DEPENDENCIES
  aruba (~> 0.5.1)
  cucumber
  jekyll-s3!
  rake
  rspec
  rspec-expectations
  vcr (~> 2.5.0)
  webmock (~> 1.8.0)
